PATH
  remote: .
  specs:
    barber (1.0.0)

GEM
  remote: https://rubygems.org/
  specs:
    ansi (1.4.3)
    minitest (4.1.0)
    rake (0.9.2.2)
    turn (0.9.6)
      ansi

PLATFORMS
  ruby

DEPENDENCIES
  barber!
  minitest
  rake
  turn
